{"ProcedureStepDescription": "CNAPS_FCTM", "DeviceSerialNumber": "0000000225763MR2", "EffectiveEchoSpacing": 0.000572, "ManufacturersModelName": "DISCOVERY_MR750w", "ProtocolName": "SET_1_HAB_fMRI_1", "PhaseEncodingLines": 64, "RepetitionTime": 2, "MagneticFieldStrength": 3, "AcquisitionNumber": 1, "InstitutionName": "PENNINGTON_BIOMEDICAL_RESEARCH", "BodyPartExamined": "HEAD", "ConversionSoftware": "dcm2niix", "ScanningSequence": "EP_RM", "Manufacturer": "GE", "FlipAngle": 90, "SeriesDescription": "SET_1_HAB_fMRI_1", "ConversionSoftwareVersion": "v1.0.20170821 (OpenJPEG build) GCC5.3.1", "Acq": "hab", "AcquisitionTime": "13:31:28.000000", "TaskName": "ImAcq", "ImageType": ["ORIGINAL", "PRIMARY", "EPI", "NONE"], "EchoTime": 0.025, "SequenceVariant": "NONE", "SoftwareVersions": "27_LX_MR_Software_release:DV25.1_R02_1649.a", "Modality": "MR"}