{"ProcedureStepDescription": "FCTM", "DeviceSerialNumber": "0000000225763MR2", "ManufacturersModelName": "DISCOVERY_MR750w", "ProtocolName": "SET_2_HAB_fMRI_4", "PhaseEncodingLines": 64, "RepetitionTime": 2, "MagneticFieldStrength": 3, "AcquisitionNumber": 1, "InstitutionName": "PENNINGTON_BIOMEDICAL_RESEARCH", "BodyPartExamined": "HEAD", "ConversionSoftware": "dcm2niix", "ScanningSequence": "EP_RM", "Manufacturer": "GE", "FlipAngle": 90, "SeriesDescription": "SET_2_HAB_fMRI_4", "ConversionSoftwareVersion": "v1.0.20170724 GCC4.4.7", "Acq": "hab", "AcquisitionTime": "13:57:10.000000", "TaskName": "VisAcq", "ImageType": ["ORIGINAL", "PRIMARY", "EPI", "NONE"], "EchoTime": 0.025, "SequenceVariant": "NONE", "SoftwareVersions": "27_LX_MR_Software_release:DV25.1_R02_1649.a"}