{
	"Modality": "MR",
	"Manufacturer": "GE",
	"ManufacturersModelName": "DISCOVERY_MR750w",
	"AcquisitionNumber": 1,
	"InstitutionName": "PENNINGTON_BIOMEDICAL_RESEARCH",
	"DeviceSerialNumber": "0000000225763MR2",
	"SoftwareVersions": "27_LX_MR_Software_release:DV25.1_R02_1649.a",
	"ProcedureStepDescription": "CNAPS-FCTM",
	"ScanningSequence": "RM",
	"SequenceVariant": "NONE",
	"SeriesDescription": "SAG_MPRAGE",
	"BodyPartExamined": "HEAD",
	"ProtocolName": "SAG_MPRAGE",
	"ImageType": ["ORIGINAL", "PRIMARY", "OTHER"],
	"AcquisitionTime": "12:43:53.000000",
	"MagneticFieldStrength": 3,
	"FlipAngle": 8,
	"EchoTime": 0.00374,
	"RepetitionTime": 0.008852,
	"InversionTime": 0.038,
	"PhaseEncodingLines": 256,
	"ConversionSoftware": "dcm2niix",
	"ConversionSoftwareVersion": "v1.0.20170821 (OpenJPEG build) GCC5.3.1"
}
